GEM
  remote: http://rubygems.org/
  specs:
    concurrent-ruby (1.2.0)
    cool.io (1.7.1)
    fluent-plugin-td (0.10.29)
      fluentd (>= 0.10.27, < 2)
      td-client (~> 0.8.66)
    fluentd (0.12.41)
      cool.io (>= 1.2.2, < 2.0.0)
      http_parser.rb (>= 0.5.1, < 0.7.0)
      json (>= 1.4.3)
      msgpack (>= 0.5.11, < 2)
      sigdump (~> 0.2.2)
      string-scrub (>= 0.0.3, <= 0.0.5)
      tzinfo (>= 1.0.0)
      tzinfo-data (>= 1.0.0)
      yajl-ruby (~> 1.0)
    http_parser.rb (0.6.0)
    httpclient (2.8.2.4)
    json (2.6.3)
    msgpack (1.3.3)
    sigdump (0.2.4)
    string-scrub (0.0.5)
    td-client (0.8.84)
      httpclient (>= 2.7)
      json (>= 1.7.6)
      msgpack (>= 0.5.6, < 2)
    tzinfo (2.0.6)
      concurrent-ruby (~> 1.0)
    tzinfo-data (1.2022.7)
      tzinfo (>= 1.0.0)
    yajl-ruby (1.4.1)

PLATFORMS
  ruby

DEPENDENCIES
  fluent-plugin-td (= 0.10.29)
  fluentd (~> 0.12.41)

RUBY VERSION
   ruby 2.3.1p112

BUNDLED WITH
   1.16.4
